PATH
  remote: .
  specs:
    twingly-url-normalizer (0.0.1)
      addressable
      domainatrix

GEM
  remote: https://rubygems.org/
  specs:
    addressable (2.3.5)
    ansi (1.4.3)
    domainatrix (0.0.11)
      addressable
    rake (10.1.1)
    shoulda-context (1.1.6)
    turn (0.9.6)
      ansi

PLATFORMS
  ruby

DEPENDENCIES
  rake
  shoulda-context
  turn
  twingly-url-normalizer!
